GEM
  remote: https://rubygems.org/
  specs:
    minitest (5.11.3)
    power_assert (1.1.4)
    rake (12.3.3)
    test-unit (3.3.3)
      power_assert

PLATFORMS
  ruby

DEPENDENCIES
  minitest (~> 5.8, >= 5.8.4)!
  rake (~> 12.3)!
  test-unit (~> 3.1, >= 3.1.8)!

BUNDLED WITH
   1.17.2
